PATH
  remote: .
  specs:
    ruby-interface (0.0.1)
      activesupport (> 0.1)
      i18n (> 0.1)

GEM
  remote: http://rubygems.org/
  specs:
    activesupport (3.0.5)
    bluecloth (2.1.0)
    builder (3.0.0)
    diff-lcs (1.1.2)
    geminabox (0.2.13)
      builder
      sinatra
    git (1.2.5)
    i18n (0.5.0)
    jeweler (1.5.2)
      bundler (~> 1.0.0)
      git (>= 1.2.5)
      rake
    rack (1.2.2)
    rake (0.8.7)
    rcov (0.9.9)
    rr (1.0.2)
    rspec (2.3.0)
      rspec-core (~> 2.3.0)
      rspec-expectations (~> 2.3.0)
      rspec-mocks (~> 2.3.0)
    rspec-core (2.3.1)
    rspec-expectations (2.3.0)
      diff-lcs (~> 1.1.2)
    rspec-mocks (2.3.0)
    sinatra (1.2.1)
      rack (~> 1.1)
      tilt (>= 1.2.2, < 2.0)
    thor (0.14.6)
    tilt (1.2.2)
    undev (0.0.8)
      geminabox
      thor
    yard (0.6.5)

PLATFORMS
  ruby

DEPENDENCIES
  bluecloth
  bundler (~> 1.0.0)
  jeweler (~> 1.5.2)
  rcov
  rr
  rspec (~> 2.3.0)
  ruby-interface!
  undev
  yard (~> 0.6.0)
