PATH
  remote: .
  specs:
    ruby-interface (0.0.5)
      activesupport (> 0.1)
      i18n (> 0.1)

GEM
  remote: http://rubygems.org/
  specs:
    activesupport (3.0.7)
    bluecloth (2.1.0)
    diff-lcs (1.1.2)
    git (1.2.5)
    i18n (0.5.0)
    jeweler (1.5.2)
      bundler (~> 1.0.0)
      git (>= 1.2.5)
      rake
    rake (0.8.7)
    rcov (0.9.9)
    rr (1.0.2)
    rspec (2.3.0)
      rspec-core (~> 2.3.0)
      rspec-expectations (~> 2.3.0)
      rspec-mocks (~> 2.3.0)
    rspec-core (2.3.1)
    rspec-expectations (2.3.0)
      diff-lcs (~> 1.1.2)
    rspec-mocks (2.3.0)
    yard (0.6.5)

PLATFORMS
  ruby

DEPENDENCIES
  bluecloth
  bundler (~> 1.0.0)
  jeweler (~> 1.5.2)
  rcov
  rr
  rspec (~> 2.3.0)
  ruby-interface!
  yard (~> 0.6.0)
